PATH
  remote: .
  specs:
    brick (1.0.218)
      activerecord (>= 3.1.1)
      fancy_gets

GEM
  remote: https://rubygems.org/
  specs:
    actionpack (7.2.0)
      actionview (= 7.2.0)
      activesupport (= 7.2.0)
      nokogiri (>= 1.8.5)
      racc
      rack (>= 2.2.4, < 3.2)
      rack-session (>= 1.0.1)
      rack-test (>= 0.6.3)
      rails-dom-testing (~> 2.2)
      rails-html-sanitizer (~> 1.6)
      useragent (~> 0.16)
    actionview (7.2.0)
      activesupport (= 7.2.0)
      builder (~> 3.1)
      erubi (~> 1.11)
      rails-dom-testing (~> 2.2)
      rails-html-sanitizer (~> 1.6)
    activemodel (7.2.0)
      activesupport (= 7.2.0)
    activerecord (7.2.0)
      activemodel (= 7.2.0)
      activesupport (= 7.2.0)
      timeout (>= 0.4.0)
    activesupport (7.2.0)
      base64
      bigdecimal
      concurrent-ruby (~> 1.0, >= 1.3.1)
      connection_pool (>= 2.2.5)
      drb
      i18n (>= 1.6, < 2)
      logger (>= 1.4.2)
      minitest (>= 5.1)
      securerandom (>= 0.3)
      tzinfo (~> 2.0, >= 2.0.5)
    appraisal (2.5.0)
      bundler
      rake
      thor (>= 0.14.0)
    ast (2.4.2)
    base64 (0.2.0)
    bigdecimal (3.1.8)
    builder (3.3.0)
    byebug (11.1.3)
    coderay (1.1.3)
    concurrent-ruby (1.3.3)
    connection_pool (2.4.1)
    crass (1.0.6)
    diff-lcs (1.5.1)
    drb (2.2.1)
    erubi (1.13.0)
    fancy_gets (0.1.10)
    ffaker (2.21.0)
    generator_spec (0.9.5)
      activesupport (>= 3.0.0)
      railties (>= 3.0.0)
    i18n (1.14.5)
      concurrent-ruby (~> 1.0)
    io-console (0.7.2)
    irb (1.14.0)
      rdoc (>= 4.0.0)
      reline (>= 0.4.2)
    logger (1.6.0)
    loofah (2.22.0)
      crass (~> 1.0.2)
      nokogiri (>= 1.12.0)
    memory_profiler (0.9.14)
    method_source (1.1.0)
    minitest (5.24.1)
    nokogiri (1.16.7)
      racc (~> 1.4)
    parallel (1.24.0)
    parser (3.3.1.0)
      ast (~> 2.4.1)
      racc
    pg (1.5.6)
    pry (0.14.2)
      coderay (~> 1.1)
      method_source (~> 1.0)
    pry-byebug (3.7.0)
      byebug (~> 11.0)
      pry (~> 0.10)
    psych (5.1.2)
      stringio
    racc (1.8.1)
    rack (3.1.7)
    rack-session (2.0.0)
      rack (>= 3.0.0)
    rack-test (2.1.0)
      rack (>= 1.3)
    rackup (2.1.0)
      rack (>= 3)
      webrick (~> 1.8)
    rails-dom-testing (2.2.0)
      activesupport (>= 5.0.0)
      minitest
      nokogiri (>= 1.6)
    rails-html-sanitizer (1.6.0)
      loofah (~> 2.21)
      nokogiri (~> 1.14)
    railties (7.2.0)
      actionpack (= 7.2.0)
      activesupport (= 7.2.0)
      irb (~> 1.13)
      rackup (>= 1.0.0)
      rake (>= 12.2)
      thor (~> 1.0, >= 1.2.2)
      zeitwerk (~> 2.6)
    rainbow (3.1.1)
    rake (13.2.1)
    rdoc (6.7.0)
      psych (>= 4.0.0)
    regexp_parser (2.9.2)
    reline (0.5.9)
      io-console (~> 0.5)
    rexml (3.2.8)
      strscan (>= 3.0.9)
    rspec-core (3.13.0)
      rspec-support (~> 3.13.0)
    rspec-expectations (3.13.1)
      diff-lcs (>= 1.2.0, < 2.0)
      rspec-support (~> 3.13.0)
    rspec-mocks (3.13.1)
      diff-lcs (>= 1.2.0, < 2.0)
      rspec-support (~> 3.13.0)
    rspec-rails (6.1.3)
      actionpack (>= 6.1)
      activesupport (>= 6.1)
      railties (>= 6.1)
      rspec-core (~> 3.13)
      rspec-expectations (~> 3.13)
      rspec-mocks (~> 3.13)
      rspec-support (~> 3.13)
    rspec-support (3.13.1)
    rubocop (0.93.1)
      parallel (~> 1.10)
      parser (>= 2.7.1.5)
      rainbow (>= 2.2.2, < 4.0)
      regexp_parser (>= 1.8)
      rexml
      rubocop-ast (>= 0.6.0)
      ruby-progressbar (~> 1.7)
      unicode-display_width (>= 1.4.0, < 2.0)
    rubocop-ast (1.31.3)
      parser (>= 3.3.1.0)
    rubocop-rspec (1.42.0)
      rubocop (>= 0.87.0)
    ruby-progressbar (1.13.0)
    securerandom (0.3.1)
    sqlite3 (1.7.3)
    stringio (3.1.1)
    strscan (3.1.0)
    thor (1.3.1)
    timeout (0.4.1)
    tzinfo (2.0.6)
      concurrent-ruby (~> 1.0)
    unicode-display_width (1.8.0)
    useragent (0.16.10)
    webrick (1.8.1)
    zeitwerk (2.6.17)

PLATFORMS
  ruby

DEPENDENCIES
  activerecord (~> 7.2)
  appraisal (~> 2.2)
  brick!
  ffaker (~> 2.11)
  generator_spec (~> 0.9.4)
  memory_profiler (~> 0.9.14)
  pg (>= 0.18, < 2.0)
  pry-byebug (~> 3.7.0)
  rake (~> 13.0)
  rspec-rails
  rubocop (~> 0.93)
  rubocop-rspec (~> 1.42.0)
  sqlite3 (~> 1.4)

RUBY VERSION
   ruby 3.1.4p223

BUNDLED WITH
   2.4.22
